GEM
  remote: https://rubygems.org/
  specs:
    jruby-jars (9.1.8.0)
    rake (12.0.0)
    rubydoop (1.2.1)

PLATFORMS
  java
  ruby

DEPENDENCIES
  jruby-jars
  rake
  rubydoop

BUNDLED WITH
   1.14.6
